GIT
  remote: git://github.com/opal/opal-browser.git
  revision: 815348e913ea79d65044db4dee3bbeea87be763d
  specs:
    opal-browser (0.2.0)
      opal
      paggio

GIT
  remote: git://github.com/opal/opal-haml.git
  revision: ca3d7339098dc115c0cedb9f1aeccd1f7187dd71
  specs:
    opal-haml (0.4.1)
      haml
      opal (>= 0.5.0, < 1.0.0)

GIT
  remote: git://github.com/opal/opal.git
  revision: ec015e9b136a6a7d550ef9aa05bff294056bb73b
  specs:
    opal (0.11.0.dev)
      ast (>= 2.3.0)
      hike (~> 1.2)
      parser (>= 2.3.1.2)
      sourcemap (~> 0.1.0)
      sprockets (~> 3.1)
      tilt (>= 1.4)

GIT
  remote: git://github.com/youchan/hyalite.git
  revision: e5b11f98efb886dbd39f79e93ffa26325244baf9
  specs:
    hyalite (0.0.1)
      opal
      opal-browser

GEM
  remote: https://rubygems.org/
  specs:
    ast (2.3.0)
    builder (3.2.2)
    concurrent-ruby (1.0.2)
    execjs (2.7.0)
    haml (4.0.7)
      tilt
    hike (1.2.3)
    paggio (0.2.6)
    parser (2.3.1.2)
      ast (~> 2.2)
    rack (2.0.1)
    sitemap_generator (5.1.0)
      builder
    sourcemap (0.1.1)
    sprockets (3.6.3)
      concurrent-ruby (~> 1.0)
      rack (> 1, < 3)
    tilt (2.0.5)
    uglifier (3.0.0)
      execjs (>= 0.3.0, < 3)

PLATFORMS
  ruby

DEPENDENCIES
  hyalite!
  opal!
  opal-browser!
  opal-haml!
  sitemap_generator
  uglifier

BUNDLED WITH
   1.12.5
